PATH
  remote: .
  specs:
    omniauth_crowd (2.1.1)
      nokogiri (>= 1.4.4)
      omniauth (~> 1.0)

GEM
  remote: http://rubygems.org/
  specs:
    addressable (2.2.7)
    crack (0.3.1)
    diff-lcs (1.1.3)
    hashie (1.2.0)
    nokogiri (1.5.2)
    omniauth (1.1.1)
      hashie (~> 1.2)
      rack
    rack (1.4.1)
    rack-test (0.6.1)
      rack (>= 1.0)
    rake (0.9.2.2)
    rspec (2.5.0)
      rspec-core (~> 2.5.0)
      rspec-expectations (~> 2.5.0)
      rspec-mocks (~> 2.5.0)
    rspec-core (2.5.2)
    rspec-expectations (2.5.0)
      diff-lcs (~> 1.1.2)
    rspec-mocks (2.5.0)
    webmock (1.3.5)
      addressable (>= 2.1.1)
      crack (>= 0.1.7)

PLATFORMS
  ruby

DEPENDENCIES
  bundler (> 1.0.0)
  omniauth_crowd!
  rack
  rack-test
  rake
  rspec (~> 2.5.0)
  webmock (~> 1.3.4)
