PATH
  remote: .
  specs:
    omniauth_crowd (2.2.2)
      nokogiri (>= 1.4.4)
      omniauth (~> 1.0)

GEM
  remote: http://rubygems.org/
  specs:
    addressable (2.3.5)
    crack (0.4.1)
      safe_yaml (~> 0.9.0)
    diff-lcs (1.1.3)
    hashie (2.0.5)
    mini_portile (0.5.2)
    nokogiri (1.6.0)
      mini_portile (~> 0.5.0)
    omniauth (1.1.4)
      hashie (>= 1.2, < 3)
      rack
    rack (1.5.2)
    rack-test (0.6.2)
      rack (>= 1.0)
    rake (10.1.0)
    rspec (2.5.0)
      rspec-core (~> 2.5.0)
      rspec-expectations (~> 2.5.0)
      rspec-mocks (~> 2.5.0)
    rspec-core (2.5.2)
    rspec-expectations (2.5.0)
      diff-lcs (~> 1.1.2)
    rspec-mocks (2.5.0)
    safe_yaml (0.9.5)
    webmock (1.3.5)
      addressable (>= 2.1.1)
      crack (>= 0.1.7)

PLATFORMS
  ruby

DEPENDENCIES
  bundler (> 1.0.0)
  omniauth_crowd!
  rack
  rack-test
  rake
  rspec (~> 2.5.0)
  webmock (~> 1.3.4)
